GEM
  remote: http://rubygems.org/
  specs:
    activemodel (6.1.7.1)
      activesupport (= 6.1.7.1)
    activerecord (6.1.7.1)
      activemodel (= 6.1.7.1)
      activesupport (= 6.1.7.1)
    activesupport (6.1.7.1)
      concurrent-ruby (~> 1.0, >= 1.0.2)
      i18n (>= 1.6, < 2)
      minitest (>= 5.1)
      tzinfo (~> 2.0)
      zeitwerk (~> 2.3)
    concurrent-ruby (1.1.10)
    git (1.2.5)
    i18n (1.12.0)
      concurrent-ruby (~> 1.0)
    jeweler (1.6.4)
      bundler (~> 1.0)
      git (>= 1.2.5)
      rake
    minitest (5.17.0)
    multi_json (1.1.0)
    rake (0.9.2.2)
    simplecov (0.6.1)
      multi_json (~> 1.0)
      simplecov-html (~> 0.5.3)
    simplecov-html (0.5.3)
    tzinfo (2.0.5)
      concurrent-ruby (~> 1.0)
    vertica (0.9.1)
      jeweler
      rake
    yard (0.6.8)
    zeitwerk (2.6.6)

PLATFORMS
  ruby

DEPENDENCIES
  activerecord (~> 6)
  bundler (~> 1.0.0)
  jeweler (~> 1.6.4)
  simplecov
  vertica (~> 0.9.x)
  yard (~> 0.6.0)
