GEM
  remote: http://rubygems.org/
  specs:
    activemodel (3.0.12)
      activesupport (= 3.0.12)
      builder (~> 2.1.2)
      i18n (~> 0.5.0)
    activerecord (3.0.12)
      activemodel (= 3.0.12)
      activesupport (= 3.0.12)
      arel (~> 2.0.10)
      tzinfo (~> 0.3.23)
    activesupport (3.0.12)
    arel (2.0.10)
    builder (2.1.2)
    git (1.2.5)
    i18n (0.5.0)
    jeweler (1.6.4)
      bundler (~> 1.0)
      git (>= 1.2.5)
      rake
    multi_json (1.1.0)
    rake (0.9.2.2)
    simplecov (0.6.1)
      multi_json (~> 1.0)
      simplecov-html (~> 0.5.3)
    simplecov-html (0.5.3)
    tzinfo (0.3.32)
    vertica (0.9.1)
      jeweler
      rake
    yard (0.9.20)

PLATFORMS
  ruby

DEPENDENCIES
  activerecord (~> 3.x.x)
  bundler (~> 1.0.0)
  jeweler (~> 1.6.4)
  simplecov
  vertica (~> 0.9.x)
  yard (~> 0.9.20)
